GEM
  remote: https://rubygems.org/
  specs:
    highline (1.6.20)
    json_pure (1.8.1)
    mime-types (1.25.1)
    package_cloud (0.2.40)
      highline (= 1.6.20)
      json_pure (= 1.8.1)
      rainbow (= 2.1.0)
      rest-client (~> 1.6.7)
      thor (~> 0.18)
    rainbow (2.1.0)
    rest-client (1.6.9)
      mime-types (~> 1.16)
    thor (0.19.4)

PLATFORMS
  ruby

DEPENDENCIES
  package_cloud

BUNDLED WITH
   1.13.7
